RESTRICTION: || (== net40) (== net45)
NUGET
  remote: https://www.nuget.org/api/v2
    CommonServiceLocator (2.0.5)
    EntityFramework (6.2)
    Ioc.Modules (1.4.1)
      Ioc.Modules.Contract (>= 1.4.1)
    Ioc.Modules.Contract (1.4.1)
    Ioc.Modules.Unity (1.4.1)
      CommonServiceLocator (>= 1.0)
      Ioc.Modules (>= 1.4.1)
      Ioc.Modules.Contract (>= 1.4.1)
      Unity (>= 2.1.505.2)
    Moq (4.2.1507.118)
    Moq.Modules (1.0.2)
      Moq (>= 4.2.1507.118)
    MySql.Data (6.9.9)
    Newtonsoft.Json (7.0.1)
    Npgsql (2.2.7)
    NUnit (2.6.7)
    System.Data.SQLite.Core (1.0.108)
    Unity (2.1.505.2)
      CommonServiceLocator (>= 1.0)
    Urchin.Client (1.3)
      Ioc.Modules (>= 1.4.1)
      Newtonsoft.Json (>= 7.0.1)
